PATH
  remote: .
  specs:
    what_is_this (1.0.0)

GEM
  remote: https://rubygems.org/
  specs:
    json (2.6.1)
    rake (13.0.6)

PLATFORMS
  x86_64-linux

DEPENDENCIES
  json (~> 2.6)
  rake (~> 13.0)
  what_is_this!

BUNDLED WITH
   2.2.33
